PATH
  remote: .
  specs:
    kashmir (0.0.1)
      activerecord (~> 3.2.8)
      colorize
      dalli

GEM
  remote: https://rubygems.org/
  specs:
    activemodel (3.2.22)
      activesupport (= 3.2.22)
      builder (~> 3.0.0)
    activerecord (3.2.22)
      activemodel (= 3.2.22)
      activesupport (= 3.2.22)
      arel (~> 3.0.2)
      tzinfo (~> 0.3.29)
    activesupport (3.2.22)
      i18n (~> 0.6, >= 0.6.4)
      multi_json (~> 1.0)
    ansi (1.5.0)
    arel (3.0.3)
    builder (3.0.4)
    byebug (4.0.5)
      columnize (= 0.9.0)
    colorize (0.7.7)
    columnize (0.9.0)
    dalli (2.7.4)
    i18n (0.7.0)
    metaclass (0.0.4)
    minitest (5.5.1)
    minitest-ansi (0.1.2)
      ansi (~> 1.3)
      minitest (>= 2.5)
    minitest-around (0.3.1)
      minitest (~> 5.0)
    mocha (1.1.0)
      metaclass (~> 0.0.1)
    multi_json (1.11.1)
    rake (10.4.2)
    sqlite3 (1.3.10)
    tzinfo (0.3.44)

PLATFORMS
  ruby

DEPENDENCIES
  bundler (~> 1.7)
  byebug
  kashmir!
  minitest
  minitest-ansi
  minitest-around
  mocha
  rake (~> 10.0)
  sqlite3
