PATH
  remote: .
  specs:
    kashmir (0.0.1)

GEM
  remote: https://rubygems.org/
  specs:
    ansi (1.5.0)
    minitest (5.5.1)
    minitest-ansi (0.1.2)
      ansi (~> 1.3)
      minitest (>= 2.5)
    rake (10.4.2)

PLATFORMS
  ruby

DEPENDENCIES
  bundler (~> 1.7)
  kashmir!
  minitest
  minitest-ansi
  rake (~> 10.0)
