PATH
  remote: .
  specs:
    kashmir (0.0.1)

GEM
  remote: https://rubygems.org/
  specs:
    minitest (5.5.1)
    rake (10.4.2)

PLATFORMS
  ruby

DEPENDENCIES
  bundler (~> 1.7)
  kashmir!
  minitest
  rake (~> 10.0)
